GIT
  remote: https://github.com/bullet-train-co/active_hash.git
  revision: a6628bc65e7c099ec9428c2bfe1e292ef01f1ef1
  specs:
    active_hash (3.1.0)
      activesupport (>= 5.0.0)

GIT
  remote: https://github.com/bullet-train-co/trix.git
  revision: 078043a8bb6a95d8cf6742984b02fa96be689847
  specs:
    trix (0.11.1)
      rails (> 4.1, <= 7.0)

GIT
  remote: https://github.com/bullet-train-co/wine_bouncer.git
  revision: 638eef8b4087532ac8950d9961552536a8de6660
  specs:
    wine_bouncer (1.0.4)
      doorkeeper (>= 1.4, < 6.0)
      grape (>= 0.10)

GIT
  remote: https://github.com/heartcombo/devise.git
  revision: 025b1c873491908b346e4d394f54481ec18fb02c
  specs:
    devise (4.8.1)
      bcrypt (~> 3.0)
      orm_adapter (~> 0.1)
      railties (>= 4.1.0)
      responders
      warden (~> 1.2.3)

GEM
  remote: https://rubygems.org/
  specs:
    actioncable (7.0.0)
      actionpack (= 7.0.0)
      activesupport (= 7.0.0)
      nio4r (~> 2.0)
      websocket-driver (>= 0.6.1)
    actionmailbox (7.0.0)
      actionpack (= 7.0.0)
      activejob (= 7.0.0)
      activerecord (= 7.0.0)
      activestorage (= 7.0.0)
      activesupport (= 7.0.0)
      mail (>= 2.7.1)
    actionmailer (7.0.0)
      actionpack (= 7.0.0)
      actionview (= 7.0.0)
      activejob (= 7.0.0)
      activesupport (= 7.0.0)
      mail (~> 2.5, >= 2.5.4)
      rails-dom-testing (~> 2.0)
    actionpack (7.0.0)
      actionview (= 7.0.0)
      activesupport (= 7.0.0)
      rack (~> 2.0, >= 2.2.0)
      rack-test (>= 0.6.3)
      rails-dom-testing (~> 2.0)
      rails-html-sanitizer (~> 1.0, >= 1.2.0)
    actiontext (7.0.0)
      actionpack (= 7.0.0)
      activerecord (= 7.0.0)
      activestorage (= 7.0.0)
      activesupport (= 7.0.0)
      globalid (>= 0.6.0)
      nokogiri (>= 1.8.5)
    actionview (7.0.0)
      activesupport (= 7.0.0)
      builder (~> 3.1)
      erubi (~> 1.4)
      rails-dom-testing (~> 2.0)
      rails-html-sanitizer (~> 1.1, >= 1.2.0)
    activejob (7.0.0)
      activesupport (= 7.0.0)
      globalid (>= 0.3.6)
    activemodel (7.0.0)
      activesupport (= 7.0.0)
    activerecord (7.0.0)
      activemodel (= 7.0.0)
      activesupport (= 7.0.0)
    activestorage (7.0.0)
      actionpack (= 7.0.0)
      activejob (= 7.0.0)
      activerecord (= 7.0.0)
      activesupport (= 7.0.0)
      marcel (~> 1.0)
      mini_mime (>= 1.1.0)
    activesupport (7.0.0)
      concurrent-ruby (~> 1.0, >= 1.0.2)
      i18n (>= 1.6, < 2)
      minitest (>= 5.1)
      tzinfo (~> 2.0)
    addressable (2.8.0)
      public_suffix (>= 2.0.2, < 5.0)
    api-pagination (5.0.0)
    ast (2.4.2)
    awesome_print (1.9.2)
    aws-eventstream (1.2.0)
    aws-partitions (1.549.0)
    aws-sdk-core (3.125.3)
      aws-eventstream (~> 1, >= 1.0.2)
      aws-partitions (~> 1, >= 1.525.0)
      aws-sigv4 (~> 1.1)
      jmespath (~> 1.0)
    aws-sdk-kms (1.53.0)
      aws-sdk-core (~> 3, >= 3.125.0)
      aws-sigv4 (~> 1.1)
    aws-sdk-s3 (1.111.1)
      aws-sdk-core (~> 3, >= 3.125.0)
      aws-sdk-kms (~> 1)
      aws-sigv4 (~> 1.4)
    aws-sigv4 (1.4.0)
      aws-eventstream (~> 1, >= 1.0.2)
    aws_cf_signer (0.1.3)
    bcrypt (3.1.16)
    bindex (0.8.1)
    binding_of_caller (1.0.0)
      debug_inspector (>= 0.0.1)
    bootsnap (1.9.4)
      msgpack (~> 1.0)
    builder (3.2.4)
    bullet_train (1.0.9)
      rails (>= 7.0.0)
    bullet_train-api (1.0.3)
      api-pagination
      grape (~> 1.6.0)
      grape-cancan
      grape-jsonapi
      grape-swagger
      grape_on_rails_routes
      kaminari
      rack-cors
      rails (>= 7.0.0)
      wine_bouncer
    bullet_train-fields (1.0.1)
      rails (>= 7.0.0)
    bullet_train-has_uuid (1.0.0)
      rails (>= 7.0.0)
    bullet_train-incoming_webhooks (1.0.0)
      rails (>= 7.0.0)
    bullet_train-integrations-stripe (1.0.2)
      rails (>= 7.0.0)
    bullet_train-obfuscates_id (1.0.1)
      rails (>= 7.0.0)
    bullet_train-outgoing_webhooks (1.0.3)
      rails (>= 7.0.0)
    bullet_train-outgoing_webhooks-api (1.0.2)
      rails (>= 7.0.0)
    bullet_train-outgoing_webhooks-core (1.0.2)
      rails (>= 7.0.0)
    bullet_train-outgoing_webhooks-serializers (1.0.0)
      rails (>= 7.0.0)
    bullet_train-roles (0.1.1)
      active_hash
      activesupport
      cancancan
    bullet_train-scope_questions (1.0.0)
      rails (>= 7.0.0)
    bullet_train-scope_validator (1.0.2)
    bullet_train-serializers (1.0.1)
      jsonapi-serializer
      rails (>= 7.0.0)
    bullet_train-sortable (1.0.1)
      rails (>= 7.0.0)
    bullet_train-super_scaffolding (1.0.0)
      rails (>= 7.0.0)
    bullet_train-super_scaffolding-templates (1.0.2)
      rails (>= 7.0.0)
    bullet_train-themes (1.0.1)
      rails (>= 7.0.0)
    bullet_train-themes-base (1.0.0)
      rails (>= 7.0.0)
    bullet_train-themes-light (1.0.0)
      rails (>= 7.0.0)
    bullet_train-themes-tailwind_css (1.0.0)
      rails (>= 7.0.0)
    cable_ready (5.0.0.pre8)
      rails (>= 5.2)
      thread-local (>= 1.1.0)
    cancancan (3.3.0)
    capybara (3.36.0)
      addressable
      matrix
      mini_mime (>= 0.1.3)
      nokogiri (~> 1.8)
      rack (>= 1.6.0)
      rack-test (>= 0.6.3)
      regexp_parser (>= 1.5, < 3.0)
      xpath (~> 3.2)
    capybara-email (3.0.2)
      capybara (>= 2.4, < 4.0)
      mail
    capybara-screenshot (1.0.26)
      capybara (>= 1.0, < 4)
      launchy
    charlock_holmes (0.7.7)
    childprocess (4.1.0)
    chronic (0.10.2)
    chunky_png (1.4.0)
    cloudinary (1.21.0)
      aws_cf_signer
      rest-client (>= 2.0.0)
    code_analyzer (0.5.2)
      sexp_processor
    coderay (1.1.3)
    colorize (0.8.1)
    commonmarker (0.23.2)
    concurrent-ruby (1.1.9)
    connection_pool (2.2.5)
    crass (1.0.6)
    css_parser (1.11.0)
      addressable
    debug (1.4.0)
      irb (>= 1.3.6)
      reline (>= 0.2.7)
    debug_inspector (1.1.0)
    domain_name (0.5.20190701)
      unf (>= 0.0.5, < 1.0.0)
    doorkeeper (5.5.4)
      railties (>= 5)
    dry-configurable (0.14.0)
      concurrent-ruby (~> 1.0)
      dry-core (~> 0.6)
    dry-container (0.9.0)
      concurrent-ruby (~> 1.0)
      dry-configurable (~> 0.13, >= 0.13.0)
    dry-core (0.7.1)
      concurrent-ruby (~> 1.0)
    dry-inflector (0.2.1)
    dry-logic (1.2.0)
      concurrent-ruby (~> 1.0)
      dry-core (~> 0.5, >= 0.5)
    dry-types (1.5.1)
      concurrent-ruby (~> 1.0)
      dry-container (~> 0.3)
      dry-core (~> 0.5, >= 0.5)
      dry-inflector (~> 0.1, >= 0.1.2)
      dry-logic (~> 1.0, >= 1.0.2)
    email_reply_parser (0.5.10)
    erubi (1.10.0)
    erubis (2.7.0)
    extended_email_reply_parser (0.5.1)
      activesupport
      charlock_holmes
      email_reply_parser (~> 0.5.9)
      mail
    factory_bot (6.2.0)
      activesupport (>= 5.0.0)
    factory_bot_rails (6.2.0)
      factory_bot (~> 6.2.0)
      railties (>= 5.0.0)
    faraday (1.9.3)
      faraday-em_http (~> 1.0)
      faraday-em_synchrony (~> 1.0)
      faraday-excon (~> 1.1)
      faraday-httpclient (~> 1.0)
      faraday-multipart (~> 1.0)
      faraday-net_http (~> 1.0)
      faraday-net_http_persistent (~> 1.0)
      faraday-patron (~> 1.0)
      faraday-rack (~> 1.0)
      faraday-retry (~> 1.0)
      ruby2_keywords (>= 0.0.4)
    faraday-em_http (1.0.0)
    faraday-em_synchrony (1.0.0)
    faraday-excon (1.1.0)
    faraday-httpclient (1.0.1)
    faraday-multipart (1.0.3)
      multipart-post (>= 1.2, < 3)
    faraday-net_http (1.0.1)
    faraday-net_http_persistent (1.2.0)
    faraday-patron (1.0.0)
    faraday-rack (1.0.0)
    faraday-retry (1.0.3)
    fastimage (2.2.6)
    ffi (1.15.5)
    figaro (1.2.0)
      thor (>= 0.14.0, < 2)
    globalid (1.0.0)
      activesupport (>= 5.0)
    grape (1.6.2)
      activesupport
      builder
      dry-types (>= 1.1)
      mustermann-grape (~> 1.0.0)
      rack (>= 1.3.0)
      rack-accept
    grape-cancan (0.0.3)
      cancancan
      grape (~> 1.2)
    grape-jsonapi (1.0.1)
      grape
      jsonapi-serializer
    grape-swagger (1.4.2)
      grape (~> 1.3)
    grape_on_rails_routes (0.3.2)
      rails (>= 3.1.1)
    hashids (1.0.6)
    hashie (5.0.0)
    hiredis (0.6.3)
    honeybadger (4.9.0)
    htmlentities (4.3.4)
    http-accept (1.7.0)
    http-cookie (1.0.4)
      domain_name (~> 0.5)
    http_accept_language (2.1.1)
    i18n (1.9.1)
      concurrent-ruby (~> 1.0)
    i18n-js (3.9.0)
      i18n (>= 0.6.6)
    importmap-rails (1.0.1)
      actionpack (>= 6.0.0)
      railties (>= 6.0.0)
    indefinite_article (0.2.4)
      activesupport
    io-console (0.5.11)
    irb (1.4.1)
      reline (>= 0.3.0)
    jbuilder (2.11.5)
      actionview (>= 5.0.0)
      activesupport (>= 5.0.0)
    jmespath (1.5.0)
    json (2.6.1)
    jsonapi-serializer (2.2.0)
      activesupport (>= 4.2)
    jwt (2.3.0)
    kaminari (1.2.2)
      activesupport (>= 4.1.0)
      kaminari-actionview (= 1.2.2)
      kaminari-activerecord (= 1.2.2)
      kaminari-core (= 1.2.2)
    kaminari-actionview (1.2.2)
      actionview
      kaminari-core (= 1.2.2)
    kaminari-activerecord (1.2.2)
      activerecord
      kaminari-core (= 1.2.2)
    kaminari-core (1.2.2)
    knapsack_pro (3.1.3)
      rake
    launchy (2.5.0)
      addressable (~> 2.7)
    letter_opener (1.7.0)
      launchy (~> 2.2)
    loofah (2.13.0)
      crass (~> 1.0.2)
      nokogiri (>= 1.5.9)
    magic_test (0.0.7)
      capybara (>= 3.0)
      pry
      pry-stack_explorer
      rails (>= 6.0)
    mail (2.7.1)
      mini_mime (>= 0.1.1)
    marcel (1.0.2)
    matrix (0.4.2)
    method_source (1.0.0)
    microscope (1.1.0)
      activerecord (>= 4.1.0)
      activesupport (>= 4.1.0)
    mime-types (3.4.1)
      mime-types-data (~> 3.2015)
    mime-types-data (3.2022.0105)
    mini_mime (1.1.2)
    mini_portile2 (2.7.1)
    minitest (5.15.0)
    minitest-retry (0.2.2)
      minitest (>= 5.0)
    msgpack (1.4.2)
    multi_json (1.15.0)
    multi_xml (0.6.0)
    multipart-post (2.1.1)
    mustermann (1.1.1)
      ruby2_keywords (~> 0.0.1)
    mustermann-grape (1.0.1)
      mustermann (>= 1.0.0)
    netrc (0.11.0)
    nice_partials (0.1.5)
      actionview (>= 4.2.6)
    nio4r (2.5.8)
    nokogiri (1.13.1)
      mini_portile2 (~> 2.7.0)
      racc (~> 1.4)
    nokogiri (1.13.1-x86_64-linux)
      racc (~> 1.4)
    oauth2 (1.4.7)
      faraday (>= 0.8, < 2.0)
      jwt (>= 1.0, < 3.0)
      multi_json (~> 1.3)
      multi_xml (~> 0.5)
      rack (>= 1.2, < 3)
    omniauth (1.9.1)
      hashie (>= 3.4.6)
      rack (>= 1.6.2, < 3)
    omniauth-oauth2 (1.7.2)
      oauth2 (~> 1.4)
      omniauth (>= 1.9, < 3)
    omniauth-rails_csrf_protection (0.1.2)
      actionpack (>= 4.2)
      omniauth (>= 1.3.1)
    omniauth-stripe-connect (2.10.1)
      omniauth (~> 1.3)
      omniauth-oauth2 (~> 1.4)
    orm_adapter (0.5.0)
    paper_trail (12.1.0)
      activerecord (>= 5.2)
      request_store (~> 1.1)
    parallel (1.21.0)
    parser (3.1.0.0)
      ast (~> 2.4.1)
    pg (1.2.3)
    phonelib (0.6.55)
    possessive (1.0.1)
    postmark (1.22.0)
      json
    postmark-rails (0.21.0)
      actionmailer (>= 3.0.0)
      postmark (>= 1.21.3, < 2.0)
    premailer (1.15.0)
      addressable
      css_parser (>= 1.6.0)
      htmlentities (>= 4.0.0)
    premailer-rails (1.11.1)
      actionmailer (>= 3)
      premailer (~> 1.7, >= 1.7.9)
    pry (0.14.1)
      coderay (~> 1.1)
      method_source (~> 1.0)
    pry-stack_explorer (0.6.1)
      binding_of_caller (~> 1.0)
      pry (~> 0.13)
    public_suffix (4.0.6)
    puma (5.5.2)
      nio4r (~> 2.0)
    racc (1.6.0)
    rack (2.2.3)
    rack-accept (0.4.5)
      rack (>= 0.4)
    rack-cors (1.1.1)
      rack (>= 2.0.0)
    rack-mini-profiler (2.3.3)
      rack (>= 1.2.0)
    rack-proxy (0.7.2)
      rack
    rack-test (1.1.0)
      rack (>= 1.0, < 3)
    rails (7.0.0)
      actioncable (= 7.0.0)
      actionmailbox (= 7.0.0)
      actionmailer (= 7.0.0)
      actionpack (= 7.0.0)
      actiontext (= 7.0.0)
      actionview (= 7.0.0)
      activejob (= 7.0.0)
      activemodel (= 7.0.0)
      activerecord (= 7.0.0)
      activestorage (= 7.0.0)
      activesupport (= 7.0.0)
      bundler (>= 1.15.0)
      railties (= 7.0.0)
    rails-dom-testing (2.0.3)
      activesupport (>= 4.2.0)
      nokogiri (>= 1.6)
    rails-html-sanitizer (1.4.2)
      loofah (~> 2.3)
    rails_autoscale_agent (0.11.0)
    rails_best_practices (1.22.1)
      activesupport
      code_analyzer (>= 0.5.2)
      erubis
      i18n
      json
      require_all (~> 3.0)
      ruby-progressbar
    railties (7.0.0)
      actionpack (= 7.0.0)
      activesupport (= 7.0.0)
      method_source
      rake (>= 12.2)
      thor (~> 1.0)
      zeitwerk (~> 2.5)
    rainbow (3.1.1)
    rake (13.0.6)
    redis (4.5.1)
    regexp_parser (2.2.0)
    reline (0.3.1)
      io-console (~> 0.5)
    request_store (1.5.0)
      rack (>= 1.4)
    require_all (3.0.0)
    responders (3.0.1)
      actionpack (>= 5.0)
      railties (>= 5.0)
    rest-client (2.1.0)
      http-accept (>= 1.7.0, < 2.0)
      http-cookie (>= 1.0.2, < 2.0)
      mime-types (>= 1.16, < 4.0)
      netrc (~> 0.8)
    rexml (3.2.5)
    rqrcode (2.1.0)
      chunky_png (~> 1.0)
      rqrcode_core (~> 1.0)
    rqrcode_core (1.2.0)
    rubocop (1.24.1)
      parallel (~> 1.10)
      parser (>= 3.0.0.0)
      rainbow (>= 2.2.2, < 4.0)
      regexp_parser (>= 1.8, < 3.0)
      rexml
      rubocop-ast (>= 1.15.1, < 2.0)
      ruby-progressbar (~> 1.7)
      unicode-display_width (>= 1.4.0, < 3.0)
    rubocop-ast (1.15.1)
      parser (>= 3.0.1.1)
    rubocop-performance (1.13.1)
      rubocop (>= 1.7.0, < 2.0)
      rubocop-ast (>= 0.4.0)
    ruby-progressbar (1.11.0)
    ruby2_keywords (0.0.5)
    rubyzip (2.3.2)
    sass-rails (6.0.0)
      sassc-rails (~> 2.1, >= 2.1.1)
    sassc (2.4.0)
      ffi (~> 1.9)
    sassc-rails (2.1.2)
      railties (>= 4.0.0)
      sassc (>= 2.0)
      sprockets (> 3.0)
      sprockets-rails
      tilt
    selenium-webdriver (4.1.0)
      childprocess (>= 0.5, < 5.0)
      rexml (~> 3.2, >= 3.2.5)
      rubyzip (>= 1.2.2)
    semantic_range (3.0.0)
    sentry-rails (4.9.1)
      railties (>= 5.0)
      sentry-ruby-core (~> 4.9.1)
    sentry-ruby (4.9.1)
      concurrent-ruby (~> 1.0, >= 1.0.2)
      faraday (~> 1.0)
      sentry-ruby-core (= 4.9.1)
    sentry-ruby-core (4.9.1)
      concurrent-ruby
      faraday
    sentry-sidekiq (4.9.1)
      sentry-ruby-core (~> 4.9.1)
      sidekiq (>= 3.0)
    sexp_processor (4.16.0)
    sidekiq (6.3.1)
      connection_pool (>= 2.2.2)
      rack (~> 2.0)
      redis (>= 4.2.0)
    simpleidn (0.2.1)
      unf (~> 0.1.4)
    sprockets (4.0.2)
      concurrent-ruby (~> 1.0)
      rack (> 1, < 3)
    sprockets-rails (3.4.2)
      actionpack (>= 5.2)
      activesupport (>= 5.2)
      sprockets (>= 3.0.0)
    standard (1.6.0)
      rubocop (= 1.24.1)
      rubocop-performance (= 1.13.1)
    stimulus-rails (1.0.2)
      railties (>= 6.0.0)
    storybook_rails (1.2.0)
    stripe (5.42.0)
    thor (1.2.1)
    thread-local (1.1.0)
    tilt (2.0.10)
    timecop (0.9.4)
    turbo-rails (1.0.0)
      actionpack (>= 6.0.0)
      railties (>= 6.0.0)
    tzinfo (2.0.4)
      concurrent-ruby (~> 1.0)
    unf (0.1.4)
      unf_ext
    unf_ext (0.0.8)
    unicode-display_width (2.1.0)
    valid_email (0.1.4)
      activemodel
      mail (>= 2.6.1)
      simpleidn
    warden (1.2.9)
      rack (>= 2.0.9)
    web-console (4.2.0)
      actionview (>= 6.0.0)
      activemodel (>= 6.0.0)
      bindex (>= 0.4.0)
      railties (>= 6.0.0)
    webdrivers (5.0.0)
      nokogiri (~> 1.6)
      rubyzip (>= 1.3.0)
      selenium-webdriver (~> 4.0)
    webpacker (5.4.3)
      activesupport (>= 5.2)
      rack-proxy (>= 0.6.1)
      railties (>= 5.2)
      semantic_range (>= 2.3.0)
    websocket-driver (0.7.5)
      websocket-extensions (>= 0.1.0)
    websocket-extensions (0.1.5)
    xpath (3.2.0)
      nokogiri (~> 1.8)
    xray-rails (0.3.2)
      rails (>= 3.1.0)
    zeitwerk (2.5.4)

PLATFORMS
  ruby
  x86_64-linux

DEPENDENCIES
  active_hash!
  awesome_print
  aws-sdk-s3
  bootsnap
  bullet_train
  bullet_train-api
  bullet_train-fields
  bullet_train-has_uuid
  bullet_train-incoming_webhooks
  bullet_train-integrations-stripe
  bullet_train-obfuscates_id
  bullet_train-outgoing_webhooks
  bullet_train-outgoing_webhooks-api
  bullet_train-outgoing_webhooks-core
  bullet_train-outgoing_webhooks-serializers
  bullet_train-roles
  bullet_train-scope_questions
  bullet_train-scope_validator
  bullet_train-serializers
  bullet_train-sortable
  bullet_train-super_scaffolding
  bullet_train-super_scaffolding-templates
  bullet_train-themes
  bullet_train-themes-base
  bullet_train-themes-light
  bullet_train-themes-tailwind_css
  cable_ready (= 5.0.0.pre8)
  cancancan
  capybara
  capybara-email
  capybara-screenshot
  chronic
  cloudinary
  colorize
  commonmarker
  debug
  devise!
  doorkeeper
  extended_email_reply_parser
  factory_bot_rails
  fastimage
  figaro
  hashids
  hiredis
  honeybadger
  http_accept_language
  i18n-js
  importmap-rails
  indefinite_article
  jbuilder
  knapsack_pro
  letter_opener
  magic_test
  microscope
  minitest-retry
  nice_partials (~> 0.1)
  omniauth
  omniauth-rails_csrf_protection
  omniauth-stripe-connect
  paper_trail
  pg (>= 0.18, < 2.0)
  phonelib
  possessive
  postmark-rails
  premailer-rails
  pry
  pry-stack_explorer
  puma (~> 5.0)
  rack-mini-profiler
  rails (~> 7.0.0)
  rails_autoscale_agent
  rails_best_practices
  redis (~> 4.0)
  rqrcode
  sass-rails (>= 6)
  selenium-webdriver
  sentry-rails
  sentry-ruby
  sentry-sidekiq
  sidekiq
  sprockets-rails
  standard
  stimulus-rails
  storybook_rails (~> 1.0)
  stripe
  timecop
  trix!
  turbo-rails
  tzinfo-data
  valid_email
  web-console
  webdrivers
  webpacker (~> 5.0)
  wine_bouncer!
  xray-rails

RUBY VERSION
   ruby 3.0.3p157

BUNDLED WITH
   2.2.32
